GEM
  specs:
    addressable (2.3.8)
    json-schema (2.6.2)
      addressable (~> 2.3.8)
    sqlite3 (1.3.11)

PLATFORMS
  ruby

DEPENDENCIES
  json-schema
  sqlite3

BUNDLED WITH
   1.12.5
